GIT
  remote: git://github.com/CocoaPods/CocoaPods.git
  revision: ea984abe943957b85ea57cc77aa9af489839eaa2
  specs:
    cocoapods (0.26.1)
      activesupport (~> 3.2)
      claide (~> 0.3.2)
      cocoapods-core (= 0.26.1)
      cocoapods-downloader (~> 0.2.0)
      colored (~> 1.2)
      escape (~> 0.0.4)
      json (~> 1.8)
      open4 (~> 1.3)
      xcodeproj (~> 0.12.0)

GIT
  remote: git://github.com/CocoaPods/Core.git
  revision: 97f15c2289cf356a87e9bbbb46898a03b36c2818
  specs:
    cocoapods-core (0.26.1)
      activesupport (~> 3.0)
      json (~> 1.8)
      nap (~> 0.5)

GEM
  remote: https://rubygems.org/
  specs:
    activesupport (3.2.14)
      i18n (~> 0.6, >= 0.6.4)
      multi_json (~> 1.0)
    bacon (1.2.0)
    claide (0.3.2)
    cocoapods-downloader (0.2.0)
    colored (1.2)
    escape (0.0.4)
    i18n (0.6.5)
    json (1.8.0)
    multi_json (1.8.1)
    nap (0.5.1)
    open4 (1.3.0)
    rake (10.1.0)
    xcodeproj (0.12.0)
      activesupport (~> 3.0)
      colored (~> 1.2)

PLATFORMS
  ruby

DEPENDENCIES
  bacon
  cocoapods!
  cocoapods-core!
  rake
  xcodeproj
